GIT
  remote: git://github.com/kfigiela/ruby-cmpl.git
  revision: 167d95b6d45e4ef0cef4e49446ca4a4944de1d1a
  branch: master
  specs:
    cmpl (0.1.0)
      activesupport
      net-sftp
      net-ssh
      nokogiri
      nori
      pry
      size_units

GEM
  remote: http://rubygems.org/
  specs:
    activesupport (4.0.3)
      i18n (~> 0.6, >= 0.6.4)
      minitest (~> 4.2)
      multi_json (~> 1.3)
      thread_safe (~> 0.1)
      tzinfo (~> 0.3.37)
    atomic (1.1.14)
    coderay (1.1.0)
    i18n (0.6.9)
    method_source (0.8.2)
    mini_portile (0.5.2)
    minitest (4.7.5)
    multi_json (1.8.4)
    net-sftp (2.1.2)
      net-ssh (>= 2.6.5)
    net-ssh (2.8.0)
    nokogiri (1.6.1)
      mini_portile (~> 0.5.0)
    nori (2.3.0)
    pry (0.9.12.6)
      coderay (~> 1.0)
      method_source (~> 0.8)
      slop (~> 3.4)
    size_units (0.0.2)
    slop (3.4.7)
    thread_safe (0.1.3)
      atomic
    tzinfo (0.3.38)

PLATFORMS
  ruby

DEPENDENCIES
  cmpl!
